PATH
  remote: .
  specs:
    Catasta: Ruby (0.0.2)
      catasta (= 0.0.2)

PATH
  remote: ~/Dropbox/Ruby/Catasta
  specs:
    catasta (0.0.2)
      parslet (~> 1.5.0)

GEM
  remote: https://rubygems.org/
  specs:
    blankslate (2.1.2.4)
    diff-lcs (1.2.4)
    parslet (1.5.0)
      blankslate (~> 2.0)
    rspec (2.14.1)
      rspec-core (~> 2.14.0)
      rspec-expectations (~> 2.14.0)
      rspec-mocks (~> 2.14.0)
    rspec-core (2.14.5)
    rspec-expectations (2.14.2)
      diff-lcs (>= 1.1.3, < 2.0)
    rspec-mocks (2.14.3)

PLATFORMS
  ruby

DEPENDENCIES
  Catasta: Ruby!
  catasta!
  rspec (~> 2.14.1)
